GEM
  remote: https://rubygems.org/
  specs:
    ascii_charts (0.9.1)
    hpricot (0.8.6)

PLATFORMS
  ruby

DEPENDENCIES
  ascii_charts
  hpricot

RUBY VERSION
   ruby 2.3.1p112

BUNDLED WITH
   1.13.2
