GEM
  remote: https://rubygems.org/
  specs:
    ascii_charts (0.9.1)
    diff-lcs (1.3)
    hpricot (0.8.6)
    rspec (3.6.0)
      rspec-core (~> 3.6.0)
      rspec-expectations (~> 3.6.0)
      rspec-mocks (~> 3.6.0)
    rspec-core (3.6.0)
      rspec-support (~> 3.6.0)
    rspec-expectations (3.6.0)
      diff-lcs (>= 1.2.0, < 2.0)
      rspec-support (~> 3.6.0)
    rspec-mocks (3.6.0)
      diff-lcs (>= 1.2.0, < 2.0)
      rspec-support (~> 3.6.0)
    rspec-support (3.6.0)

PLATFORMS
  ruby

DEPENDENCIES
  ascii_charts
  hpricot
  rspec

RUBY VERSION
   ruby 2.4.1p111

BUNDLED WITH
   1.14.6
